GEM
  remote: https://rubygems.org/
  specs:
    diff-lcs (1.2.5)
    facter (2.4.6)
    hiera (1.3.4)
      json_pure
    json (1.5.5)
    json_pure (1.8.3)
    metaclass (0.0.4)
    metadata-json-lint (0.0.11)
      json
      spdx-licenses (~> 1.0)
    mocha (1.1.0)
      metaclass (~> 0.0.1)
    puppet (3.8.7)
      facter (> 1.6, < 3)
      hiera (~> 1.0)
      json_pure
    puppet-lint (2.0.0)
    puppet-syntax (2.1.0)
      rake
    puppetlabs_spec_helper (1.0.1)
      mocha
      puppet-lint
      puppet-syntax
      rake
      rspec-puppet
    rake (11.2.2)
    rspec (3.5.0)
      rspec-core (~> 3.5.0)
      rspec-expectations (~> 3.5.0)
      rspec-mocks (~> 3.5.0)
    rspec-core (3.5.2)
      rspec-support (~> 3.5.0)
    rspec-expectations (3.5.0)
      diff-lcs (>= 1.2.0, < 2.0)
      rspec-support (~> 3.5.0)
    rspec-mocks (3.5.0)
      diff-lcs (>= 1.2.0, < 2.0)
      rspec-support (~> 3.5.0)
    rspec-puppet (2.4.0)
      rspec
    rspec-support (3.5.0)
    spdx-licenses (1.1.0)

PLATFORMS
  ruby

DEPENDENCIES
  diff-lcs (= 1.2.5)
  facter (= 2.4.6)
  hiera (= 1.3.4)
  json_pure (= 1.8.3)
  metaclass (= 0.0.4)
  metadata-json-lint
  mocha (= 1.1.0)
  puppet (= 3.8.7)
  puppet-lint (= 2.0.0)
  puppet-syntax (= 2.1.0)
  puppetlabs_spec_helper (= 1.0.1)
  rake (= 11.2.2)
  rspec (= 3.5.0)
  rspec-core (= 3.5.2)
  rspec-expectations (= 3.5.0)
  rspec-mocks (= 3.5.0)
  rspec-puppet (= 2.4.0)
  rspec-support (= 3.5.0)
